PATH
  remote: .
  specs:
    mos6510 (0.1.0)
      mini_racer (~> 0.2.6)

GEM
  remote: https://rubygems.org/
  specs:
    diff-lcs (1.3)
    libv8 (7.3.492.27.1)
    mini_racer (0.2.6)
      libv8 (>= 6.9.411)
    rake (10.5.0)
    rspec (3.8.0)
      rspec-core (~> 3.8.0)
      rspec-expectations (~> 3.8.0)
      rspec-mocks (~> 3.8.0)
    rspec-core (3.8.2)
      rspec-support (~> 3.8.0)
    rspec-expectations (3.8.4)
      diff-lcs (>= 1.2.0, < 2.0)
      rspec-support (~> 3.8.0)
    rspec-mocks (3.8.1)
      diff-lcs (>= 1.2.0, < 2.0)
      rspec-support (~> 3.8.0)
    rspec-support (3.8.2)

PLATFORMS
  ruby

DEPENDENCIES
  bundler (~> 2.0)
  mos6510!
  rake (~> 10.0)
  rspec (~> 3.0)

BUNDLED WITH
   2.0.2
