PATH
  remote: .
  specs:
    mos6510 (0.1.2)
      mini_racer (~> 0.6.2)

GEM
  remote: https://rubygems.org/
  specs:
    diff-lcs (1.5.0)
    libv8-node (16.10.0.0-x86_64-darwin)
    mini_racer (0.6.2)
      libv8-node (~> 16.10.0.0)
    rake (10.5.0)
    rspec (3.11.0)
      rspec-core (~> 3.11.0)
      rspec-expectations (~> 3.11.0)
      rspec-mocks (~> 3.11.0)
    rspec-core (3.11.0)
      rspec-support (~> 3.11.0)
    rspec-expectations (3.11.0)
      diff-lcs (>= 1.2.0, < 2.0)
      rspec-support (~> 3.11.0)
    rspec-mocks (3.11.1)
      diff-lcs (>= 1.2.0, < 2.0)
      rspec-support (~> 3.11.0)
    rspec-support (3.11.0)

PLATFORMS
  ruby

DEPENDENCIES
  bundler (~> 2.0)
  mos6510!
  rake (~> 10.0)
  rspec (~> 3.11)

BUNDLED WITH
   2.1.4
